GIT
  remote: https://github.com/faustoct/birch.git
  revision: 079d0de5558e70c6f7f3cd16718e7c1b5f26cc9e
  specs:
    birch (0.0.9)

GEM
  remote: https://rubygems.org/
  specs:
    engtagger (0.2.0)
    json (1.8.3)
    mime-types (1.25.1)
    progressbar (0.21.0)
    rubyzip (0.9.9)
    scalpel (0.2.1)
    schiphol (1.0.1)
      progressbar (>= 0.10.0)
      rubyzip (~> 0.9.9)
    treat (2.1.0)
      birch
      schiphol
      yomu
    yomu (0.2.2)
      json (~> 1.8)
      mime-types (~> 1.23)

PLATFORMS
  ruby

DEPENDENCIES
  birch!
  engtagger
  scalpel
  treat
